GEM
  remote: https://rubygems.org/
  specs:
    rack (1.6.8)
    rack-protection (1.5.3)
      rack
    rack-test (0.8.2)
      rack (>= 1.0, < 3)
    sinatra (1.4.8)
      rack (~> 1.5)
      rack-protection (~> 1.4)
      tilt (>= 1.3, < 3)
    tilt (2.0.8)

PLATFORMS
  ruby

DEPENDENCIES
  rack-test (~> 0.6)
  sinatra (~> 1.4)

BUNDLED WITH
   1.16.1
